{
   "BandwidthPerPixelPhaseEncode": 33.602, 
   "Columns": 768, 
   "EchoTime": 0.03, 
   "EchoTrainLength": 48, 
   "FlipAngle": 63.0, 
   "ImageType": "ORIGINAL/PRIMARY/M/ND/NORM/MOSAIC", 
   "ImagingFrequency": 123.191048, 
   "InplanePhaseEncodingDirection": "COL", 
   "InversionTime": 0.0, 
   "MRAcquisitionType": "2D", 
   "MagneticFieldStrength": 3.0, 
   "Manufacturer": "SIEMENS", 
   "ManufacturersModelName": "Skyra", 
   "NumberOfAverages": 1.0, 
   "NumberOfEchoes": null, 
   "NumberOfPhaseEncodingSteps": 96, 
   "PATModeText": "p2", 
   "PercentPhaseFieldOfView": 100.0, 
   "PhaseEncodingDirection": "j-", 
   "PixelBandwidth": 2005.0, 
   "PixelSpacing": [
      2.3958332538605, 
      2.3958332538605
   ], 
   "RealDwellTime": 2600, 
   "RepetitionTime": 1.16, 
   "Rows": 768, 
   "ScanOptions": "FS", 
   "ScanningSequence": "EP", 
   "SequenceName": "epfid2d1_96", 
   "SequenceVariant": "SK", 
   "SeriesDate": "18740317", 
   "SeriesDescription": "task003_run001", 
   "SeriesNumber": 19, 
   "SeriesTime": "144428.062000", 
   "SliceThickness": 2.0, 
   "SliceTiming": [
      0.0, 
      500.0, 
      997.5, 
      357.5, 
      855.0, 
      215.0, 
      712.5, 
      72.5, 
      570.0, 
      1070.0, 
      427.5, 
      927.5, 
      285.0, 
      785.0, 
      142.5, 
      642.5, 
      0.0, 
      500.0, 
      997.5, 
      357.5, 
      855.0, 
      215.0, 
      712.5, 
      72.5, 
      570.0, 
      1070.0, 
      427.5, 
      927.5, 
      285.0, 
      785.0, 
      142.5, 
      642.5, 
      0.0, 
      500.0, 
      997.5, 
      357.5, 
      855.0, 
      215.0, 
      712.5, 
      72.5, 
      570.0, 
      1070.0, 
      427.5, 
      927.5, 
      285.0, 
      785.0, 
      142.5, 
      642.5, 
      0.0, 
      500.0, 
      997.5, 
      357.5, 
      855.0, 
      215.0, 
      712.5, 
      72.5, 
      570.0, 
      1070.0, 
      427.5, 
      927.5, 
      285.0, 
      785.0, 
      142.5, 
      642.5
   ], 
   "SpacingBetweenSlices": 2.4000000188678, 
   "StudyID": "1", 
   "StudyTime": "131959.386000"
}