{
   "BandwidthPerPixelPhaseEncode": 33.602, 
   "Columns": 768, 
   "EchoTime": 0.03, 
   "EchoTrainLength": 48, 
   "FlipAngle": 63.0, 
   "ImageType": "ORIGINAL/PRIMARY/M/ND/NORM/MOSAIC", 
   "ImagingFrequency": 123.192837, 
   "InplanePhaseEncodingDirection": "COL", 
   "InversionTime": 0.0, 
   "MRAcquisitionType": "2D", 
   "MagneticFieldStrength": 3.0, 
   "Manufacturer": "SIEMENS", 
   "ManufacturersModelName": "Skyra", 
   "NumberOfAverages": 1.0, 
   "NumberOfEchoes": null, 
   "NumberOfPhaseEncodingSteps": 96, 
   "PATModeText": "p2", 
   "PercentPhaseFieldOfView": 100.0, 
   "PhaseEncodingDirection": "j-", 
   "PixelBandwidth": 2005.0, 
   "PixelSpacing": [
      2.3958332538605, 
      2.3958332538605
   ], 
   "RealDwellTime": 2600, 
   "RepetitionTime": 1.16, 
   "Rows": 768, 
   "ScanOptions": "FS", 
   "ScanningSequence": "EP", 
   "SequenceName": "epfid2d1_96", 
   "SequenceVariant": "SK", 
   "SeriesDate": "18740205", 
   "SeriesDescription": "task002_run003", 
   "SeriesNumber": 15, 
   "SeriesTime": "103910.503000", 
   "SliceThickness": 2.0, 
   "SliceTiming": [
      2277.5, 
      0.0, 
      2350.0, 
      70.0, 
      2420.0, 
      142.5, 
      2492.5, 
      212.5, 
      2562.5, 
      285.0, 
      2635.0, 
      355.0, 
      2705.0, 
      425.0, 
      2777.5, 
      497.5, 
      2847.5, 
      567.5, 
      2920.0, 
      640.0, 
      2990.0, 
      710.0, 
      3062.5, 
      782.5, 
      3132.5, 
      852.5, 
      3205.0, 
      925.0, 
      3275.0, 
      995.0, 
      3347.5, 
      1067.5, 
      3417.5, 
      1137.5, 
      3490.0, 
      1210.0, 
      3560.0, 
      1280.0, 
      3632.5, 
      1352.5, 
      3702.5, 
      1422.5, 
      3775.0, 
      1495.0, 
      3845.0, 
      1565.0, 
      3917.5, 
      1637.5, 
      3987.5, 
      1707.5, 
      4060.0, 
      1780.0, 
      4130.0, 
      1850.0, 
      4202.5, 
      1922.5, 
      4272.5, 
      1992.5, 
      4345.0, 
      2065.0, 
      4415.0, 
      2135.0, 
      4487.5, 
      2207.5
   ], 
   "SpacingBetweenSlices": 2.4000000100445, 
   "StudyID": "1", 
   "StudyTime": "092728.200000"
}