{
   "BandwidthPerPixelPhaseEncode": 33.602, 
   "Columns": 768, 
   "EchoTime": 0.03, 
   "EchoTrainLength": 48, 
   "FlipAngle": 63.0, 
   "ImageType": "ORIGINAL/PRIMARY/M/ND/NORM/MOSAIC", 
   "ImagingFrequency": 123.19083, 
   "InplanePhaseEncodingDirection": "COL", 
   "InversionTime": 0.0, 
   "MRAcquisitionType": "2D", 
   "MagneticFieldStrength": 3.0, 
   "Manufacturer": "SIEMENS", 
   "ManufacturersModelName": "Skyra", 
   "NumberOfAverages": 1.0, 
   "NumberOfEchoes": null, 
   "NumberOfPhaseEncodingSteps": 96, 
   "PATModeText": "p2", 
   "PercentPhaseFieldOfView": 100.0, 
   "PhaseEncodingDirection": "j-", 
   "PixelBandwidth": 2005.0, 
   "PixelSpacing": [
      2.3958332538605, 
      2.3958332538605
   ], 
   "RealDwellTime": 2600, 
   "RepetitionTime": 1.16, 
   "Rows": 768, 
   "ScanOptions": "FS", 
   "ScanningSequence": "EP", 
   "SequenceName": "epfid2d1_96", 
   "SequenceVariant": "SK", 
   "SeriesDate": "18740424", 
   "SeriesDescription": "task001_run001", 
   "SeriesNumber": 7, 
   "SeriesTime": "095343.053000", 
   "SliceThickness": 2.0, 
   "SliceTiming": [
      0.0, 
      497.5, 
      997.5, 
      355.0, 
      855.0, 
      212.5, 
      712.5, 
      70.0, 
      570.0, 
      1067.5, 
      427.5, 
      925.0, 
      285.0, 
      782.5, 
      142.5, 
      640.0, 
      0.0, 
      497.5, 
      997.5, 
      355.0, 
      855.0, 
      212.5, 
      712.5, 
      70.0, 
      570.0, 
      1067.5, 
      427.5, 
      925.0, 
      285.0, 
      782.5, 
      142.5, 
      640.0, 
      0.0, 
      497.5, 
      997.5, 
      355.0, 
      855.0, 
      212.5, 
      712.5, 
      70.0, 
      570.0, 
      1067.5, 
      427.5, 
      925.0, 
      285.0, 
      782.5, 
      142.5, 
      640.0, 
      0.0, 
      497.5, 
      997.5, 
      355.0, 
      855.0, 
      212.5, 
      712.5, 
      70.0, 
      570.0, 
      1067.5, 
      427.5, 
      925.0, 
      285.0, 
      782.5, 
      142.5, 
      640.0
   ], 
   "SpacingBetweenSlices": 2.4000000122587, 
   "StudyID": "1", 
   "StudyTime": "093316.384000"
}