{
   "BandwidthPerPixelPhaseEncode": 33.602, 
   "Columns": 768, 
   "EchoTime": 0.03, 
   "EchoTrainLength": 48, 
   "FlipAngle": 63.0, 
   "ImageType": "ORIGINAL/PRIMARY/M/ND/NORM/MOSAIC", 
   "ImagingFrequency": 123.190933, 
   "InplanePhaseEncodingDirection": "COL", 
   "InversionTime": 0.0, 
   "MRAcquisitionType": "2D", 
   "MagneticFieldStrength": 3.0, 
   "Manufacturer": "SIEMENS", 
   "ManufacturersModelName": "Skyra", 
   "NumberOfAverages": 1.0, 
   "NumberOfEchoes": null, 
   "NumberOfPhaseEncodingSteps": 96, 
   "PATModeText": "p2", 
   "PercentPhaseFieldOfView": 100.0, 
   "PhaseEncodingDirection": "j-", 
   "PixelBandwidth": 2005.0, 
   "PixelSpacing": [
      2.3958332538605, 
      2.3958332538605
   ], 
   "RealDwellTime": 2600, 
   "RepetitionTime": 1.16, 
   "Rows": 768, 
   "ScanOptions": "FS", 
   "ScanningSequence": "EP", 
   "SequenceName": "epfid2d1_96", 
   "SequenceVariant": "SK", 
   "SeriesDate": "18740402", 
   "SeriesDescription": "task002_run002", 
   "SeriesNumber": 11, 
   "SeriesTime": "101649.221000", 
   "SliceThickness": 2.0, 
   "SliceTiming": [
      2280.0, 
      0.0, 
      2352.5, 
      72.5, 
      2422.5, 
      142.5, 
      2495.0, 
      215.0, 
      2565.0, 
      285.0, 
      2637.5, 
      357.5, 
      2707.5, 
      427.5, 
      2780.0, 
      500.0, 
      2850.0, 
      570.0, 
      2922.5, 
      642.5, 
      2992.5, 
      712.5, 
      3065.0, 
      785.0, 
      3135.0, 
      855.0, 
      3207.5, 
      927.5, 
      3277.5, 
      997.5, 
      3350.0, 
      1070.0, 
      3420.0, 
      1140.0, 
      3492.5, 
      1212.5, 
      3562.5, 
      1282.5, 
      3635.0, 
      1355.0, 
      3705.0, 
      1425.0, 
      3777.5, 
      1497.5, 
      3847.5, 
      1567.5, 
      3917.5, 
      1640.0, 
      3990.0, 
      1710.0, 
      4060.0, 
      1782.5, 
      4132.5, 
      1852.5, 
      4202.5, 
      1925.0, 
      4275.0, 
      1995.0, 
      4345.0, 
      2067.5, 
      4417.5, 
      2137.5, 
      4487.5, 
      2210.0
   ], 
   "SpacingBetweenSlices": 2.4000000454286, 
   "StudyID": "1", 
   "StudyTime": "093540.731000"
}