{
   "BandwidthPerPixelPhaseEncode": 33.602, 
   "Columns": 768, 
   "EchoTime": 0.03, 
   "EchoTrainLength": 48, 
   "FlipAngle": 63.0, 
   "ImageType": "ORIGINAL/PRIMARY/M/ND/NORM/MOSAIC", 
   "ImagingFrequency": 123.190861, 
   "InplanePhaseEncodingDirection": "COL", 
   "InversionTime": 0.0, 
   "MRAcquisitionType": "2D", 
   "MagneticFieldStrength": 3.0, 
   "Manufacturer": "SIEMENS", 
   "ManufacturersModelName": "Skyra", 
   "NumberOfAverages": 1.0, 
   "NumberOfEchoes": null, 
   "NumberOfPhaseEncodingSteps": 96, 
   "PATModeText": "p2", 
   "PercentPhaseFieldOfView": 100.0, 
   "PhaseEncodingDirection": "j-", 
   "PixelBandwidth": 2005.0, 
   "PixelSpacing": [
      2.3958332538605, 
      2.3958332538605
   ], 
   "RealDwellTime": 2600, 
   "RepetitionTime": 1.16, 
   "Rows": 768, 
   "ScanOptions": "FS", 
   "ScanningSequence": "EP", 
   "SequenceName": "epfid2d1_96", 
   "SequenceVariant": "SK", 
   "SeriesDate": "18740410", 
   "SeriesDescription": "task002_run001", 
   "SeriesNumber": 9, 
   "SeriesTime": "120137.443000", 
   "SliceThickness": 2.0, 
   "SliceTiming": [
      2280.0, 
      0.0, 
      2350.0, 
      70.0, 
      2422.5, 
      142.5, 
      2492.5, 
      212.5, 
      2565.0, 
      285.0, 
      2635.0, 
      355.0, 
      2707.5, 
      427.5, 
      2777.5, 
      497.5, 
      2850.0, 
      570.0, 
      2920.0, 
      640.0, 
      2992.5, 
      712.5, 
      3062.5, 
      782.5, 
      3135.0, 
      855.0, 
      3205.0, 
      925.0, 
      3277.5, 
      997.5, 
      3347.5, 
      1067.5, 
      3420.0, 
      1140.0, 
      3490.0, 
      1210.0, 
      3562.5, 
      1282.5, 
      3632.5, 
      1352.5, 
      3705.0, 
      1425.0, 
      3775.0, 
      1495.0, 
      3847.5, 
      1567.5, 
      3917.5, 
      1637.5, 
      3990.0, 
      1710.0, 
      4060.0, 
      1780.0, 
      4132.5, 
      1852.5, 
      4202.5, 
      1922.5, 
      4275.0, 
      1995.0, 
      4345.0, 
      2065.0, 
      4415.0, 
      2137.5, 
      4487.5, 
      2207.5
   ], 
   "SpacingBetweenSlices": 2.3999999831182, 
   "StudyID": "1", 
   "StudyTime": "113704.537000"
}